PATH
  remote: .
  specs:
    cors (1.0.0)
      multi_json (~> 1.0)

GEM
  remote: https://rubygems.org/
  specs:
    diff-lcs (1.1.3)
    multi_json (1.3.6)
    rake (0.9.2.2)
    rspec (2.11.0)
      rspec-core (~> 2.11.0)
      rspec-expectations (~> 2.11.0)
      rspec-mocks (~> 2.11.0)
    rspec-core (2.11.1)
    rspec-expectations (2.11.3)
      diff-lcs (~> 1.1.3)
    rspec-mocks (2.11.3)
    yard (0.8.3)

PLATFORMS
  ruby

DEPENDENCIES
  cors!
  rake
  rspec (~> 2.0)
  yard
